GEM
  remote: https://rubygems.org/
  specs:
    byebug (11.1.3)
    docile (1.4.0)
    looksee (4.4.0)
    simplecov (0.21.2)
      docile (~> 1.1)
      simplecov-html (~> 0.11)
      simplecov_json_formatter (~> 0.1)
    simplecov-html (0.12.3)
    simplecov_json_formatter (0.1.3)

PLATFORMS
  ruby
  x86_64-darwin-19

DEPENDENCIES
  byebug
  looksee
  simplecov

BUNDLED WITH
   2.2.32
